GEM
  remote: https://rubygems.org/
  specs:
    asciidoctor (1.5.2)
    asciidoctor-diagram (1.3.0.preview.1)
      asciidoctor (~> 1.5.0)
      rjb (~> 1.4.8)
    rjb (1.4.9)

PLATFORMS
  ruby

DEPENDENCIES
  asciidoctor
  asciidoctor-diagram (= 1.3.0.preview.1)
